GEM
  remote: http://rubygems.org/
  specs:
    activemodel (4.2.5)
      activesupport (=4.2.5)
      builder (~>3.1)
    activerecord (4.2.5)
      activemodel (=4.2.5)
      activesupport (=4.2.5)
      arel(~> 6.0)
    activesupport (4.2.5)
      i18n (~> 0.7)
      json( ~> 1.7, >= 1.7.7)
      minitest (~> 5.1)
      thread_safe (~> 0.3, >= 0.3.4)
      tzinfo (~> 1.1)
    arel (6.0.3)
    backports (3.6.7)
    builder (3.2.2)
    capybara (2.5.0)
      mime-types(>=1.16)
      nokogiri (>= 1.3.3)
      rack (>= 1.0.0)
      rack-test (>= 0.5.4)
      xpath (~> 2.0)
    diff-lcs (1.2.5)
    factory_girl (4.5.0)
      activesupport (>= 3.0.0)
    faker (1.6.1)
      i18n (~> 0.5)
    i18n (0.7.0)
    json (1.8.3)
    mime-types (3.0)
      mime-types-data (~> 3.2015)
    mime-types-data (3.2015.1120)
    mini_portile2 (2.0.0)
    minitest (5.8.3)
    multi_json (1.11.2)
    nokogiri (1.6.7.1)
      mini_portile2 (~> 2.0.0.rc2)
    pg (0.18.4)
    rack (1.6.4)
    rack-protection (1.5.3)
      rack
    rack-test (0.6.3)
      rack(>=1.0)
    rake (10.4.2)
    rspec (3.4.0)
      rspec-core (~> 3.4.0)
      rspec-extectations (~> 3.4.0)



PLATFORMS
  ruby

DEPENDENCIES

BUNDLED WITH
   1.13.7
